GIT
  remote: git://github.com/next-l/enju_biblio.git
  revision: 644ccce6a75a3319fd35e0d7572d2e71758ab55c
  specs:
    enju_biblio (0.1.0.pre46)
      aws-sdk
      dynamic_form
      enju_core (~> 0.1.1.pre4)
      inherited_resources
      library_stdnums
      lisbn
      marc
      paper_trail
      paperclip (~> 3.4)
      paperclip-meta
      resque_mailer
      simple_form
      state_machine
      validates_timeliness

GIT
  remote: git://github.com/next-l/enju_circulation.git
  revision: e28d9b8be25c93bddb6778721ed115c02bd8305e
  specs:
    enju_circulation (0.1.0.pre31)
      enju_biblio (~> 0.1.0.pre45)
      enju_event (~> 0.1.17.pre13)
      enju_library (~> 0.1.0.pre25)
      enju_message (~> 0.1.14.pre10)

GIT
  remote: git://github.com/next-l/enju_event.git
  revision: 9b810c78b0f9de5a397662962b024ec1f679fa9c
  specs:
    enju_event (0.1.17.pre13)
      enju_core (~> 0.1.1.pre4)
      enju_message (~> 0.1.14.pre10)
      event-calendar (~> 2.3.3)
      inherited_resources
      paperclip
      rails_autolink
      ri_cal
      simple_form
      state_machine

GIT
  remote: git://github.com/next-l/enju_export.git
  revision: 9562de9ad96364721f380fe1ae201554ac4fdaad
  specs:
    enju_export (0.1.1.pre5)
      enju_biblio (~> 0.1.0.pre45)
      state_machine

GIT
  remote: git://github.com/next-l/enju_flower.git
  revision: b95a6df02e6193e04cff6bd6c6c5da9d6964aaac
  specs:
    enju_flower (0.1.0.pre12)
      rails (~> 3.2)

GIT
  remote: git://github.com/next-l/enju_library.git
  revision: 489be659591127bb80beddb13a77b436d410fbdf
  specs:
    enju_library (0.1.0.pre25)
      enju_core (~> 0.1.1.pre4)
      geocoder
      inherited_resources

GIT
  remote: git://github.com/next-l/enju_manifestation_viewer.git
  revision: 5e5efccf10cc1093497f9983cd2941521a6d4ab9
  specs:
    enju_manifestation_viewer (0.1.0.pre11)
      rails (~> 3.2)

GIT
  remote: git://github.com/next-l/enju_message.git
  revision: 18c1053ad0bfeb1dbe9add81d8239dac022fdfcf
  specs:
    enju_message (0.1.14.pre11)
      awesome_nested_set (~> 2.1)
      enju_core (~> 0.1.1.pre4)
      inherited_resources
      rails_autolink
      resque_mailer
      simple_form
      state_machine

GIT
  remote: git://github.com/next-l/enju_subject.git
  revision: 77242b34afb08b69628db295f150305b96b8b3de
  specs:
    enju_subject (0.1.0.pre21)
      dynamic_form
      enju_core (~> 0.1.1.pre4)
      inherited_resources

GEM
  remote: https://rubygems.org/
  specs:
    actionmailer (3.2.13)
      actionpack (= 3.2.13)
      mail (~> 2.5.3)
    actionpack (3.2.13)
      activemodel (= 3.2.13)
      activesupport (= 3.2.13)
      builder (~> 3.0.0)
      erubis (~> 2.7.0)
      journey (~> 1.0.4)
      rack (~> 1.4.5)
      rack-cache (~> 1.2)
      rack-test (~> 0.6.1)
      sprockets (~> 2.2.1)
    activemodel (3.2.13)
      activesupport (= 3.2.13)
      builder (~> 3.0.0)
    activerecord (3.2.13)
      activemodel (= 3.2.13)
      activesupport (= 3.2.13)
      arel (~> 3.0.2)
      tzinfo (~> 0.3.29)
    activeresource (3.2.13)
      activemodel (= 3.2.13)
      activesupport (= 3.2.13)
    activesupport (3.2.13)
      i18n (= 0.6.1)
      multi_json (~> 1.0)
    acts_as_list (0.2.0)
      activerecord (>= 3.0)
    addressable (2.3.5)
    annotate (2.5.0)
      rake
    arel (3.0.2)
    attribute_normalizer (1.1.0)
    awesome_nested_set (2.1.6)
      activerecord (>= 3.0.0)
    aws-sdk (1.11.1)
      json (~> 1.4)
      nokogiri (>= 1.4.4)
      uuidtools (~> 2.1)
    bcrypt-ruby (3.1.1)
    builder (3.0.4)
    cancan (1.6.10)
    capybara (2.1.0)
      mime-types (>= 1.16)
      nokogiri (>= 1.3.3)
      rack (>= 1.0.0)
      rack-test (>= 0.5.4)
      xpath (~> 2.0)
    charlock_holmes (0.6.9.4)
    choice (0.1.6)
    chronic (0.9.1)
    client_side_validations (3.2.5)
    climate_control (0.0.3)
      activesupport (>= 3.0)
    cocaine (0.5.1)
      climate_control (>= 0.0.3, < 1.0)
    coderay (1.0.9)
    coffee-rails (3.2.2)
      coffee-script (>= 2.2.0)
      railties (~> 3.2.0)
    coffee-script (2.2.0)
      coffee-script-source
      execjs
    coffee-script-source (1.6.3)
    dalli (2.6.4)
    devise (3.0.0)
      bcrypt-ruby (~> 3.0)
      orm_adapter (~> 0.1)
      railties (>= 3.2.6, < 5)
      warden (~> 1.2.3)
    devise-encryptable (0.1.2)
      devise (>= 2.1.0)
    diff-lcs (1.2.4)
    dynamic_form (1.1.4)
    enju_core (0.1.1.pre4)
      acts_as_list
      addressable
      attribute_normalizer (~> 1.1)
      cancan
      dalli
      devise
      friendly_id (~> 4.0)
      kaminari
      nested_form
      rails (~> 3.2)
      resque
      settingslogic
      sunspot_rails (~> 2.0.0)
    enju_ndl (0.1.0.pre26)
      library_stdnums
      lisbn
      nokogiri
      rails (~> 3.2)
    enju_oai (0.1.0.pre10)
      rails (~> 3.2)
    erubis (2.7.0)
    event-calendar (2.3.3)
    exception_notification (4.0.0)
      actionmailer (>= 3.0.4)
      activesupport (>= 3.0.4)
    execjs (1.4.0)
      multi_json (~> 1.0)
    factory_girl (4.2.0)
      activesupport (>= 3.0.0)
    factory_girl_rails (4.2.1)
      factory_girl (~> 4.2.0)
      railties (>= 3.0.0)
    fakeweb (1.3.0)
    fattr (2.2.1)
    ffi (1.9.0)
    foreigner (1.4.2)
      activerecord (>= 3.0.0)
    formatador (0.2.4)
    friendly_id (4.0.9)
    geocoder (1.1.8)
    guard (1.8.1)
      formatador (>= 0.2.4)
      listen (>= 1.0.0)
      lumberjack (>= 1.0.2)
      pry (>= 0.9.10)
      thor (>= 0.14.6)
    guard-rspec (3.0.2)
      guard (>= 1.8)
      rspec (~> 2.13)
    has_scope (0.5.1)
    highline (1.6.19)
    hike (1.2.3)
    i18n (0.6.1)
    immigrant (0.1.4)
      activerecord (>= 3.0)
      foreigner (>= 1.2.1)
    inherited_resources (1.4.0)
      has_scope (~> 0.5.0)
      responders (~> 0.9)
    journey (1.0.4)
    jquery-rails (3.0.4)
      railties (>= 3.0, < 5.0)
      thor (>= 0.14, < 2.0)
    jquery-ui-rails (4.0.3)
      jquery-rails
      railties (>= 3.1.0)
    json (1.8.0)
    kaminari (0.14.1)
      actionpack (>= 3.0.0)
      activesupport (>= 3.0.0)
    kgio (2.8.0)
    library_stdnums (1.3.0)
    lisbn (0.1.3)
      nokogiri
      nori (~> 2.0)
    listen (1.2.2)
      rb-fsevent (>= 0.9.3)
      rb-inotify (>= 0.9)
      rb-kqueue (>= 0.2)
    lumberjack (1.0.4)
    mail (2.5.4)
      mime-types (~> 1.16)
      treetop (~> 1.4.8)
    marc (0.5.1)
    method_source (0.8.1)
    mime-types (1.23)
    mini_portile (0.5.1)
    mobylette (3.4.1)
      actionpack (>= 3.0)
    mono_logger (1.1.0)
    multi_json (1.7.7)
    nested_form (0.3.2)
    nokogiri (1.6.0)
      mini_portile (~> 0.5.0)
    nori (2.2.0)
    options (2.3.0)
      fattr
    orm_adapter (0.4.0)
    paper_trail (2.7.2)
      activerecord (~> 3.0)
      railties (~> 3.0)
    paperclip (3.5.0)
      activemodel (>= 3.0.0)
      activesupport (>= 3.0.0)
      cocaine (~> 0.5.0)
      mime-types
    paperclip-meta (0.4.3)
      paperclip
    parallel (0.7.1)
    parallel_tests (0.15.0)
      parallel
    pg (0.15.1)
    polyglot (0.3.3)
    pr_geohash (1.0.0)
    progress_bar (1.0.0)
      highline (~> 1.6.1)
      options (~> 2.3.0)
    pry (0.9.12.2)
      coderay (~> 1.0.5)
      method_source (~> 0.8)
      slop (~> 3.4)
    rack (1.4.5)
    rack-cache (1.2)
      rack (>= 0.4)
    rack-protection (1.5.0)
      rack
    rack-ssl (1.3.3)
      rack
    rack-test (0.6.2)
      rack (>= 1.0)
    rails (3.2.13)
      actionmailer (= 3.2.13)
      actionpack (= 3.2.13)
      activerecord (= 3.2.13)
      activeresource (= 3.2.13)
      activesupport (= 3.2.13)
      bundler (~> 1.0)
      railties (= 3.2.13)
    rails-erd (1.1.0)
      activerecord (>= 3.0)
      activesupport (>= 3.0)
      choice (~> 0.1.6)
      ruby-graphviz (~> 1.0.4)
    rails_autolink (1.1.0)
      rails (> 3.1)
    railties (3.2.13)
      actionpack (= 3.2.13)
      activesupport (= 3.2.13)
      rack-ssl (~> 1.3.2)
      rake (>= 0.8.7)
      rdoc (~> 3.4)
      thor (>= 0.14.6, < 2.0)
    rake (10.1.0)
    rb-fsevent (0.9.3)
    rb-inotify (0.9.0)
      ffi (>= 0.5.0)
    rb-kqueue (0.2.0)
      ffi (>= 0.5.0)
    rdoc (3.12.2)
      json (~> 1.4)
    redcarpet (3.0.0)
    redis (3.0.4)
    redis-actionpack (3.2.3)
      actionpack (~> 3.2.3)
      redis-rack (~> 1.4.0)
      redis-store (~> 1.1.0)
    redis-activesupport (3.2.3)
      activesupport (~> 3.2.3)
      redis-store (~> 1.1.0)
    redis-namespace (1.3.0)
      redis (~> 3.0.0)
    redis-rack (1.4.2)
      rack (~> 1.4.1)
      redis-store (~> 1.1.0)
    redis-rails (3.2.3)
      redis-actionpack (~> 3.2.3)
      redis-activesupport (~> 3.2.3)
      redis-store (~> 1.1.0)
    redis-store (1.1.3)
      redis (>= 2.2.0)
    responders (0.9.3)
      railties (~> 3.1)
    resque (1.24.1)
      mono_logger (~> 1.0)
      multi_json (~> 1.0)
      redis-namespace (~> 1.2)
      sinatra (>= 0.9.2)
      vegas (~> 0.1.2)
    resque-scheduler (2.0.1)
      redis (>= 2.0.1)
      resque (>= 1.20.0)
      rufus-scheduler
    resque_mailer (2.2.4)
      actionmailer (>= 3.0)
    resque_spec (0.13.0)
      resque (>= 1.19.0)
      rspec (>= 2.5.0)
    ri_cal (0.8.8)
    rsolr (1.0.9)
      builder (>= 2.1.2)
    rspec (2.14.1)
      rspec-core (~> 2.14.0)
      rspec-expectations (~> 2.14.0)
      rspec-mocks (~> 2.14.0)
    rspec-core (2.14.3)
    rspec-expectations (2.14.0)
      diff-lcs (>= 1.1.3, < 2.0)
    rspec-mocks (2.14.1)
    rspec-rails (2.14.0)
      actionpack (>= 3.0)
      activesupport (>= 3.0)
      railties (>= 3.0)
      rspec-core (~> 2.14.0)
      rspec-expectations (~> 2.14.0)
      rspec-mocks (~> 2.14.0)
    ruby-graphviz (1.0.9)
    ruby-prof (0.13.0)
    rufus-scheduler (2.0.22)
      tzinfo (>= 0.3.23)
    sass (3.2.9)
    sass-rails (3.2.6)
      railties (~> 3.2.0)
      sass (>= 3.1.10)
      tilt (~> 1.3)
    settingslogic (2.0.9)
    simple_form (2.1.0)
      actionpack (~> 3.0)
      activemodel (~> 3.0)
    simplecov (0.7.1)
      multi_json (~> 1.0)
      simplecov-html (~> 0.7.1)
    simplecov-html (0.7.1)
    sinatra (1.4.3)
      rack (~> 1.4)
      rack-protection (~> 1.4)
      tilt (~> 1.3, >= 1.3.4)
    sitemap_generator (4.1.1)
      builder
    slop (3.4.5)
    spring (0.0.10)
    sprockets (2.2.2)
      hike (~> 1.2)
      multi_json (~> 1.0)
      rack (~> 1.0)
      tilt (~> 1.1, != 1.3.0)
    state_machine (1.2.0)
    steak (2.0.0)
      capybara (>= 1.0.0)
      rspec-rails (>= 2.5.0)
    strong_parameters (0.2.1)
      actionpack (~> 3.0)
      activemodel (~> 3.0)
      railties (~> 3.0)
    strongbox (0.7.0)
      activerecord
    sunspot (2.0.0)
      pr_geohash (~> 1.0)
      rsolr (~> 1.0.7)
    sunspot-rails-tester (1.0.0)
      sunspot_rails (>= 1.2)
      sunspot_solr (>= 1.2)
    sunspot_rails (2.0.0)
      nokogiri
      sunspot (= 2.0.0)
    sunspot_solr (2.0.0)
    thor (0.18.1)
    tilt (1.4.1)
    timecop (0.6.2.2)
    timeliness (0.3.7)
    treetop (1.4.14)
      polyglot
      polyglot (>= 0.3.1)
    tzinfo (0.3.37)
    uglifier (2.1.2)
      execjs (>= 0.3.0)
      multi_json (~> 1.0, >= 1.0.2)
    uuidtools (2.1.4)
    validates_timeliness (3.0.14)
      timeliness (~> 0.3.6)
    vcr (2.5.0)
    vegas (0.1.11)
      rack (>= 1.0.0)
    warden (1.2.3)
      rack (>= 1.0)
    whenever (0.8.3)
      activesupport (>= 2.3.4)
      chronic (>= 0.6.3)
    xpath (2.0.0)
      nokogiri (~> 1.3)
    zipruby (0.3.6)

PLATFORMS
  ruby

DEPENDENCIES
  activerecord-jdbcpostgresql-adapter
  annotate (~> 2.5)
  charlock_holmes
  client_side_validations (~> 3.2)
  coffee-rails (~> 3.2.1)
  devise-encryptable
  enju_biblio!
  enju_circulation!
  enju_event!
  enju_export!
  enju_flower!
  enju_library!
  enju_manifestation_viewer!
  enju_message!
  enju_ndl (~> 0.1.0.pre24)
  enju_oai (~> 0.1.0.pre10)
  enju_subject!
  exception_notification (~> 4.0)
  factory_girl_rails (~> 4.2)
  fakeweb
  foreigner
  guard-rspec
  immigrant
  jquery-rails
  jquery-ui-rails
  jruby-openssl
  kgio
  mobylette (~> 3.4)
  parallel_tests (~> 0.15)
  pg
  progress_bar
  rack-protection
  rails (= 3.2.13)
  rails-erd
  rails_autolink
  redcarpet
  redis-rails
  resque-scheduler (~> 2.0.0)
  resque_spec
  rspec-rails (~> 2.14)
  ruby-prof
  rubyzip
  sass-rails (~> 3.2.3)
  simplecov (~> 0.7)
  sitemap_generator (~> 4.0)
  spring
  steak
  strong_parameters
  strongbox
  sunspot-rails-tester
  sunspot_solr (~> 2.0.0)
  timecop
  trinidad
  uglifier (>= 1.0.3)
  vcr (~> 2.5)
  whenever
  zipruby
