GEM
  remote: https://rubygems.org/
  specs:
    RedCloth (4.2.9)
    actionmailer (3.2.15)
      actionpack (= 3.2.15)
      mail (~> 2.5.4)
    actionpack (3.2.15)
      activemodel (= 3.2.15)
      activesupport (= 3.2.15)
      builder (~> 3.0.0)
      erubis (~> 2.7.0)
      journey (~> 1.0.4)
      rack (~> 1.4.5)
      rack-cache (~> 1.2)
      rack-test (~> 0.6.1)
      sprockets (~> 2.2.1)
    activemodel (3.2.15)
      activesupport (= 3.2.15)
      builder (~> 3.0.0)
    activerecord (3.2.15)
      activemodel (= 3.2.15)
      activesupport (= 3.2.15)
      arel (~> 3.0.2)
      tzinfo (~> 0.3.29)
    activeresource (3.2.15)
      activemodel (= 3.2.15)
      activesupport (= 3.2.15)
    activesupport (3.2.15)
      i18n (~> 0.6, >= 0.6.4)
      multi_json (~> 1.0)
    acts-as-taggable-on (2.4.1)
      rails (>= 3, < 5)
    acts_as_list (0.1.9)
    addressable (2.3.5)
    annotate (2.5.0)
      rake
    arel (3.0.2)
    astrails-safe (0.3.1)
      aws-s3
      cloudfiles
      net-sftp
    attribute_normalizer (1.1.0)
    awesome_nested_set (2.1.6)
      activerecord (>= 3.0.0)
    aws-s3 (0.6.3)
      builder
      mime-types
      xml-simple
    aws-sdk (1.11.1)
      json (~> 1.4)
      nokogiri (>= 1.4.4)
      uuidtools (~> 2.1)
    barby (0.5.1)
    bcrypt-ruby (3.1.2)
    builder (3.0.4)
    cancan (1.6.10)
    capybara (2.1.0)
      mime-types (>= 1.16)
      nokogiri (>= 1.3.3)
      rack (>= 1.0.0)
      rack-test (>= 0.5.4)
      xpath (~> 2.0)
    celluloid (0.15.2)
      timers (~> 1.1.0)
    choice (0.1.6)
    chronic (0.10.2)
    client_side_validations (3.2.6)
    climate_control (0.0.3)
      activesupport (>= 3.0)
    cloudfiles (1.5.0.2)
      json
    cocaine (0.5.3)
      climate_control (>= 0.0.3, < 1.0)
    coderay (1.1.0)
    coffee-rails (3.2.2)
      coffee-script (>= 2.2.0)
      railties (~> 3.2.0)
    coffee-script (2.2.0)
      coffee-script-source
      execjs
    coffee-script-source (1.6.3)
    configatron (2.13.0)
      yamler (>= 0.1.0)
    daemons (1.1.9)
    dalli (2.6.4)
    delayed_job (4.0.0)
      activesupport (>= 3.0, < 4.1)
    delayed_job_active_record (4.0.0)
      activerecord (>= 3.0, < 4.1)
      delayed_job (>= 3.0, < 4.1)
    devise (2.1.4)
      bcrypt-ruby (~> 3.0)
      orm_adapter (~> 0.1)
      railties (~> 3.1)
      warden (~> 1.2.1)
    devise-encryptable (0.1.2)
      devise (>= 2.1.0)
    diff-lcs (1.2.5)
    docile (1.1.0)
    dynamic_form (1.1.4)
    enju_barcode (0.0.3)
      barby (~> 0.5)
      cancan
      devise
      rails (~> 3.2)
      rqrcode
      will_paginate
    enju_book_jacket (0.0.2)
      configatron
      rails (~> 3.2)
    enju_bookmark (0.0.22)
      acts-as-taggable-on (~> 2.3)
      rails (~> 3.2)
      state_machine
    enju_circulation (0.0.71)
      enju_core
      enju_event (>= 0.0.27)
      enju_message (>= 0.0.24)
      inherited_resources
      rails (~> 3.2)
      simple_form
      state_machine
      validates_timeliness
    enju_core (0.0.3)
      acts_as_list
      addressable
      attribute_normalizer (~> 1.1)
      cancan
      configatron
      devise
      friendly_id (~> 4.0)
      rails (~> 3.2)
      resque
      sunspot_rails (~> 2.0.0.pre.120720)
      will_paginate
    enju_event (0.0.27)
      configatron
      enju_core
      enju_message (>= 0.0.24)
      event-calendar (~> 2.3.3)
      has_scope
      inherited_resources
      paperclip (~> 2.7)
      rails (~> 3.2)
      simple_form
      state_machine
      sunspot_solr
    enju_inventory (0.0.11)
      enju_core
      inherited_resources
      paperclip (~> 2.7)
      rails (~> 3.2)
    enju_manifestation_viewer (0.0.1)
      addressable
      rails (~> 3.2)
    enju_message (0.0.25)
      awesome_nested_set (~> 2.1)
      configatron
      delayed_job_active_record
      enju_core
      inherited_resources
      rails (~> 3.2)
      simple_form
      state_machine
    enju_ndl (0.0.35)
      library_stdnums
      lisbn
      nokogiri
      rails (~> 3.2)
    enju_oai (0.0.4)
      enju_core
      mobile-fu
      rails (~> 3.2)
    enju_purchase_request (0.0.14)
      enju_core
      rails (~> 3.2)
      state_machine
    enju_question (0.0.21)
      acts-as-taggable-on (~> 2.3)
      enju_core
      enju_ndl (~> 0.0.34)
      rails (~> 3.2)
      simple_form
    enju_resource_merge (0.0.17)
      dynamic_form
      enju_core
      inherited_resources
      rails (~> 3.2)
    enju_search_log (0.0.7)
      cancan
      devise
      rails (~> 3.2)
      will_paginate
    enju_subject (0.0.18)
      acts_as_list (~> 0.1.6)
      attribute_normalizer (~> 1.1)
      cancan
      devise
      dynamic_form
      enju_core
      friendly_id (~> 4.0)
      inherited_resources
      rails (~> 3.2)
      sunspot_rails
      sunspot_solr
      will_paginate (~> 3.0)
    erubis (2.7.0)
    event-calendar (2.3.3)
    exception_notification (2.6.1)
      actionmailer (>= 3.0.4)
    execjs (2.0.2)
    factory_girl (4.3.0)
      activesupport (>= 3.0.0)
    factory_girl_rails (4.3.0)
      factory_girl (~> 4.3.0)
      railties (>= 3.0.0)
    fakeweb (1.3.0)
    fattr (2.2.1)
    ffi (1.9.3)
    foreigner (1.6.0)
      activerecord (>= 3.0.0)
    formatador (0.2.4)
    friendly_id (4.0.10.1)
      activerecord (>= 3.0, < 4.0)
    geocoder (1.1.8)
    guard (2.2.3)
      formatador (>= 0.2.4)
      listen (~> 2.1)
      lumberjack (~> 1.0)
      pry (>= 0.9.12)
      thor (>= 0.18.1)
    guard-rspec (4.0.4)
      guard (>= 2.1.1)
      rspec (~> 2.14)
    has_scope (0.6.0.rc)
      actionpack (>= 3.2, < 5)
      activesupport (>= 3.2, < 5)
    highline (1.6.20)
    hike (1.2.3)
    i18n (0.6.5)
    immigrant (0.1.5)
      activerecord (>= 3.0)
      foreigner (>= 1.2.1)
    inherited_resources (1.4.1)
      has_scope (~> 0.6.0.rc)
      responders (~> 1.0.0.rc)
    journey (1.0.4)
    jquery-rails (3.0.4)
      railties (>= 3.0, < 5.0)
      thor (>= 0.14, < 2.0)
    json (1.8.1)
    kgio (2.8.1)
    library_stdnums (1.4.0)
    lisbn (0.1.3)
      nokogiri
      nori (~> 2.0)
    listen (2.2.0)
      celluloid (>= 0.15.2)
      rb-fsevent (>= 0.9.3)
      rb-inotify (>= 0.9)
    lockfile (2.1.0)
    lumberjack (1.0.4)
    mail (2.5.4)
      mime-types (~> 1.16)
      treetop (~> 1.4.8)
    marc (0.7.1)
    method_source (0.8.2)
    mime-types (1.25)
    mini_portile (0.5.2)
    mobile-fu (1.2.2)
      rack-mobile-detect
      rails
    mono_logger (1.1.0)
    multi_json (1.8.2)
    net-sftp (2.1.2)
      net-ssh (>= 2.6.5)
    net-ssh (2.7.0)
    nokogiri (1.6.0)
      mini_portile (~> 0.5.0)
    nori (2.3.0)
    options (2.3.0)
      fattr
    orm_adapter (0.4.0)
    paper_trail (2.7.2)
      activerecord (~> 3.0)
      railties (~> 3.0)
    paperclip (2.8.0)
      activerecord (>= 2.3.0)
      activesupport (>= 2.3.2)
      cocaine (>= 0.0.2)
      mime-types
    paperclip-meta (0.4.3)
      paperclip
    parallel (0.9.0)
    parallel_tests (0.16.3)
      parallel
    pg (0.17.0)
    polyglot (0.3.3)
    pr_geohash (1.0.0)
    progress_bar (1.0.0)
      highline (~> 1.6.1)
      options (~> 2.3.0)
    pry (0.9.12.3)
      coderay (~> 1.0)
      method_source (~> 0.8)
      slop (~> 3.4)
    rack (1.4.5)
    rack-cache (1.2)
      rack (>= 0.4)
    rack-mobile-detect (0.4.0)
      rack
    rack-protection (1.5.1)
      rack
    rack-ssl (1.3.3)
      rack
    rack-test (0.6.2)
      rack (>= 1.0)
    rails (3.2.15)
      actionmailer (= 3.2.15)
      actionpack (= 3.2.15)
      activerecord (= 3.2.15)
      activeresource (= 3.2.15)
      activesupport (= 3.2.15)
      bundler (~> 1.0)
      railties (= 3.2.15)
    rails-erd (1.1.0)
      activerecord (>= 3.0)
      activesupport (>= 3.0)
      choice (~> 0.1.6)
      ruby-graphviz (~> 1.0.4)
    rails_autolink (1.1.5)
      rails (> 3.1)
    railties (3.2.15)
      actionpack (= 3.2.15)
      activesupport (= 3.2.15)
      rack-ssl (~> 1.3.2)
      rake (>= 0.8.7)
      rdoc (~> 3.4)
      thor (>= 0.14.6, < 2.0)
    rake (10.1.0)
    rb-fsevent (0.9.3)
    rb-inotify (0.9.2)
      ffi (>= 0.5.0)
    rdoc (3.12.2)
      json (~> 1.4)
    redis (3.0.6)
    redis-namespace (1.3.2)
      redis (~> 3.0.4)
    responders (1.0.0)
      railties (>= 3.2, < 5)
    resque (1.25.1)
      mono_logger (~> 1.0)
      multi_json (~> 1.0)
      redis-namespace (~> 1.2)
      sinatra (>= 0.9.2)
      vegas (~> 0.1.2)
    ri_cal (0.8.8)
    rqrcode (0.4.2)
    rsolr (1.0.9)
      builder (>= 2.1.2)
    rspec (2.14.1)
      rspec-core (~> 2.14.0)
      rspec-expectations (~> 2.14.0)
      rspec-mocks (~> 2.14.0)
    rspec-core (2.14.7)
    rspec-expectations (2.14.4)
      diff-lcs (>= 1.1.3, < 2.0)
    rspec-mocks (2.14.4)
    rspec-rails (2.14.0)
      actionpack (>= 3.0)
      activesupport (>= 3.0)
      railties (>= 3.0)
      rspec-core (~> 2.14.0)
      rspec-expectations (~> 2.14.0)
      rspec-mocks (~> 2.14.0)
    ruby-graphviz (1.0.9)
    ruby-prof (0.13.0)
    sanitize (2.0.6)
      nokogiri (>= 1.4.4)
    sass (3.2.12)
    sass-rails (3.2.6)
      railties (~> 3.2.0)
      sass (>= 3.1.10)
      tilt (~> 1.3)
    simple_form (2.1.0)
      actionpack (~> 3.0)
      activemodel (~> 3.0)
    simplecov (0.8.1)
      docile (~> 1.1.0)
      lockfile (>= 2.1.0)
      multi_json
      simplecov-html (~> 0.8.0)
    simplecov-html (0.8.0)
    sinatra (1.4.4)
      rack (~> 1.4)
      rack-protection (~> 1.4)
      tilt (~> 1.3, >= 1.3.4)
    sitemap_generator (3.4)
      builder
    slop (3.4.6)
    spork (1.0.0rc4)
    spork-rails (4.0.0)
      rails (>= 3.0.0, < 5)
      spork (>= 1.0rc0)
    sprockets (2.2.2)
      hike (~> 1.2)
      multi_json (~> 1.0)
      rack (~> 1.0)
      tilt (~> 1.1, != 1.3.0)
    state_machine (1.1.2)
    steak (2.0.0)
      capybara (>= 1.0.0)
      rspec-rails (>= 2.5.0)
    strong_parameters (0.2.1)
      actionpack (~> 3.0)
      activemodel (~> 3.0)
      railties (~> 3.0)
    sunspot (2.0.0)
      pr_geohash (~> 1.0)
      rsolr (~> 1.0.7)
    sunspot-rails-tester (1.0.0)
      sunspot_rails (>= 1.2)
      sunspot_solr (>= 1.2)
    sunspot_rails (2.0.0)
      nokogiri
      sunspot (= 2.0.0)
    sunspot_solr (2.0.0)
    thor (0.18.1)
    tilt (1.4.1)
    timecop (0.6.3)
    timeliness (0.3.7)
    timers (1.1.0)
    treetop (1.4.15)
      polyglot
      polyglot (>= 0.3.1)
    tzinfo (0.3.38)
    uglifier (2.3.1)
      execjs (>= 0.3.0)
      json (>= 1.8.0)
    uuidtools (2.1.4)
    validates_timeliness (3.0.14)
      timeliness (~> 0.3.6)
    vcr (2.7.0)
    vegas (0.1.11)
      rack (>= 1.0.0)
    warden (1.2.3)
      rack (>= 1.0)
    whenever (0.8.4)
      activesupport (>= 2.3.4)
      chronic (>= 0.6.3)
    will_paginate (3.0.5)
    xml-simple (1.1.2)
    xpath (2.0.0)
      nokogiri (~> 1.3)
    yamler (0.1.0)
    zipruby (0.3.6)

PLATFORMS
  ruby

DEPENDENCIES
  RedCloth (>= 4.2.9)
  activerecord-jdbc-adapter
  annotate (~> 2.5)
  astrails-safe
  attribute_normalizer (~> 1.1)
  awesome_nested_set (~> 2.1)
  aws-sdk (~> 1.6)
  client_side_validations (~> 3.2.0.beta.6)
  coffee-rails (~> 3.2.1)
  configatron
  daemons
  dalli (~> 2.1)
  delayed_job_active_record
  devise (~> 2.1.2)
  devise-encryptable
  dynamic_form
  enju_barcode (~> 0.0.3)
  enju_book_jacket (~> 0.0.2)
  enju_bookmark (~> 0.0.22)
  enju_circulation (~> 0.0.71)
  enju_core (~> 0.0.3)
  enju_event (~> 0.0.27)
  enju_inventory (~> 0.0.11)
  enju_manifestation_viewer (~> 0.0.1)
  enju_message (~> 0.0.25)
  enju_ndl (~> 0.0.35)
  enju_oai (~> 0.0.4)
  enju_purchase_request (~> 0.0.14)
  enju_question (~> 0.0.21)
  enju_resource_merge (~> 0.0.17)
  enju_search_log (~> 0.0.7)
  enju_subject (~> 0.0.18)
  exception_notification (~> 2.6)
  factory_girl_rails (~> 4.0)
  fakeweb
  foreigner
  geocoder
  glassfish
  guard-rspec
  has_scope
  immigrant
  inherited_resources (~> 1.3)
  jdbc-postgres
  jquery-rails
  jruby-openssl
  kgio
  library_stdnums (~> 1.1)
  marc
  mobile-fu
  paper_trail (~> 2.6)
  paperclip (~> 2.7)
  paperclip-meta
  parallel_tests (~> 0.8)
  pg
  progress_bar
  rack-protection
  rails (= 3.2.15)
  rails-erd
  rails_autolink
  ri_cal
  rspec-rails (~> 2.11)
  ruby-prof
  rubyzip
  sanitize
  sass-rails (~> 3.2.3)
  simple_form (~> 2.0)
  simplecov (~> 0.6)
  sitemap_generator (~> 3.2)
  spork-rails
  state_machine (~> 1.1.2)
  steak
  strong_parameters
  sunspot-rails-tester
  sunspot_solr (~> 2.0.0)
  timecop
  uglifier (>= 1.0.3)
  validates_timeliness
  vcr (~> 2.2)
  whenever
  zipruby
